PATH
  remote: .
  specs:
    opal-promise-patch (0.0.1)
      opal (~> 0.7.2)

GEM
  remote: https://rubygems.org/
  specs:
    hike (1.2.3)
    multi_json (1.11.0)
    opal (0.7.2)
      hike (~> 1.2)
      sourcemap (~> 0.1.0)
      sprockets (>= 2.2.3, < 3.0.0)
      tilt (~> 1.4)
    rack (1.6.0)
    sourcemap (0.1.1)
    sprockets (2.12.3)
      hike (~> 1.2)
      multi_json (~> 1.0)
      rack (~> 1.0)
      tilt (~> 1.1, != 1.3.0)
    tilt (1.4.1)

PLATFORMS
  ruby

DEPENDENCIES
  opal-promise-patch!
